GEM
  remote: http://rubygems.org/
  specs:
    coffee-script (2.2.0)
      coffee-script-source
      execjs
    coffee-script-source (1.6.3)
    execjs (2.0.2)
    json (1.8.1)
    rake (0.9.6)

PLATFORMS
  ruby

DEPENDENCIES
  coffee-script (~> 2.2.0)
  json
  rake (~> 0.9.2)
